GEM
  remote: http://rubygems.org/
  specs:
    coderay (1.0.4)
    mustermann (2.0.2)
      ruby2_keywords (~> 0.0.1)
    nokogiri (1.5.0)
    rack (2.2.4)
    rack-codehighlighter (0.5.0)
      nokogiri (>= 1.4.1)
      rack (>= 1.0.0)
    rack-protection (2.2.3)
      rack
    rake (0.9.2.2)
    rdiscount (1.6.8)
    ruby2_keywords (0.0.5)
    sinatra (2.2.3)
      mustermann (~> 2.0)
      rack (~> 2.2)
      rack-protection (= 2.2.3)
      tilt (~> 2.0)
    tilt (2.0.11)

PLATFORMS
  ruby

DEPENDENCIES
  coderay
  rack-codehighlighter
  rake
  rdiscount
  sinatra
